GEM
  remote: http://rubygems.org/
  specs:
    daemons (1.1.8)
    dalli (2.0.5)
    eventmachine (0.12.10)
    face (0.0.5)
      json (>= 1.4.6)
      rest-client (>= 1.6.1)
    haml (3.1.6)
    hashie (1.2.0)
    json (1.7.3)
    mime-types (1.18)
    multi_json (1.3.6)
    oauth (0.4.6)
    omniauth (1.1.0)
      hashie (~> 1.2)
      rack
    omniauth-oauth (1.0.1)
      oauth
      omniauth (~> 1.0)
    omniauth-twitter (0.0.11)
      multi_json (~> 1.3)
      omniauth-oauth (~> 1.0)
    rack (1.4.1)
    rack-protection (1.2.0)
      rack
    rest-client (1.6.7)
      mime-types (>= 1.16)
    rmagick (2.13.1)
    sinatra (1.3.2)
      rack (~> 1.3, >= 1.3.6)
      rack-protection (~> 1.2)
      tilt (~> 1.3, >= 1.3.3)
    thin (1.3.1)
      daemons (>= 1.0.9)
      eventmachine (>= 0.12.6)
      rack (>= 1.0.0)
    tilt (1.3.3)

PLATFORMS
  ruby

DEPENDENCIES
  dalli (>= 2.0.5)
  face (>= 0.0.5)
  haml (>= 3.1.6)
  omniauth-twitter (>= 0.0.11)
  rmagick (>= 2.13.1)
  sinatra (>= 1.3.2)
  thin (>= 1.3.1)
